GEM
  remote: https://rubygems.org/
  specs:
    crass (1.0.6)
    faraday (0.15.4)
      multipart-post (>= 1.2, < 3)
    jwt (2.1.0)
    mini_portile2 (2.8.1)
    multipart-post (2.0.0)
    mustermann (1.0.3)
    nokogiri (1.14.0)
      mini_portile2 (~> 2.8.0)
      racc (~> 1.4)
    racc (1.6.2)
    rack (2.2.3)
    rack-protection (2.0.5)
      rack
    sanitize (6.0.1)
      crass (~> 1.0.2)
      nokogiri (>= 1.12.0)
    sinatra (2.0.5)
      mustermann (~> 1.0)
      rack (~> 2.0)
      rack-protection (= 2.0.5)
      tilt (~> 2.0)
    tilt (2.0.9)
    twilio-ruby (5.21.1)
      faraday (~> 0.9)
      jwt (>= 1.5, <= 2.5)
      nokogiri (>= 1.6, < 2.0)

PLATFORMS
  ruby

DEPENDENCIES
  sanitize
  sinatra
  twilio-ruby

BUNDLED WITH
   1.17.2
